GEM
  remote: http://rubygems.org/
  specs:
    activesupport (3.0.3)
    backports (1.18.2)
    couchrest (1.0.1)
      json (>= 1.4.6)
      mime-types (>= 1.15)
      rest-client (>= 1.5.1)
    haml (3.0.25)
    i18n (0.5.0)
    json (1.4.6)
    mail (2.2.14)
      activesupport (>= 2.3.6)
      i18n (>= 0.4.0)
      mime-types (~> 1.16)
      treetop (~> 1.4.8)
    mime-types (1.16)
    monkey-lib (0.5.4)
      backports
    polyglot (0.3.1)
    pony (1.1)
      mail (> 2.0)
    rack (1.2.1)
    rest-client (1.6.1)
      mime-types (>= 1.16)
    sinatra (1.0)
      rack (>= 1.0)
    sinatra-advanced-routes (0.5.1)
      monkey-lib (~> 0.5.0)
      sinatra (~> 1.0)
      sinatra-sugar (~> 0.5.0)
    sinatra-reloader (0.5.0)
      sinatra (~> 1.0)
      sinatra-advanced-routes (~> 0.5.0)
    sinatra-sugar (0.5.0)
      monkey-lib (~> 0.5.0)
      sinatra (~> 1.0)
    treetop (1.4.9)
      polyglot (>= 0.3.1)

PLATFORMS
  ruby

DEPENDENCIES
  couchrest (>= 0.37)
  haml
  pony
  sinatra (= 1.0)
  sinatra-reloader
